PATH
  remote: .
  specs:
    stimulus-audit (0.1.1)

GEM
  remote: https://rubygems.org/
  specs:
    minitest (5.25.4)
    rake (13.2.1)

PLATFORMS
  ruby
  x86_64-linux

DEPENDENCIES
  minitest (~> 5.0)
  rake (~> 13.0)
  stimulus-audit!

BUNDLED WITH
   2.5.3
